PATH
  remote: .
  specs:
    umwelt (0.1.0)
      hanami-cli

GEM
  remote: https://rubygems.org/
  specs:
    concurrent-ruby (1.1.4)
    hanami-cli (0.3.0)
      concurrent-ruby (~> 1.0)
      hanami-utils (~> 1.3)
    hanami-utils (1.3.0)
      concurrent-ruby (~> 1.0)
      transproc (~> 1.0)
    minitest (5.11.3)
    rake (10.5.0)
    transproc (1.0.3)

PLATFORMS
  ruby

DEPENDENCIES
  bundler (~> 1.16)
  minitest (~> 5.0)
  rake (~> 10.0)
  umwelt!

BUNDLED WITH
   1.16.6
